PATH
  remote: .
  specs:
    omf_sfa (6.0.0.pre.1)
      activesupport (= 4.2.6)
      blather (= 1.0.0)
      bluecloth (= 2.2.0)
      builder (= 3.2)
      daemons (= 1.0.9)
      data_mapper (= 1.2.0)
      do_sqlite3
      em-minitest-spec (= 1.1.1)
      equivalent-xml (= 0.2.9)
      erector (= 0.8.3)
      eventmachine (= 1.0.3)
      json (= 1.7.7)
      json-ld
      log4r (= 1.1.10)
      maruku (= 0.6.0)
      nokogiri (= 1.5.6)
      omf_common (= 6.1.12)
      omf_rc (= 6.1.12)
      rack (= 1.5.2)
      rack-rpc
      rake (= 11.2.2)
      rdf (= 2.0.0)
      rdf-do (= 2.0.0)
      rdf-json (= 2.0.0)
      rdf-sesame
      rdf-turtle (= 2.0.0)
      rdf-vocab (= 2.0.2)
      rspec (= 2.11.0)
      rufus-scheduler (= 3.0.9)
      sequel (= 4.17.0)
      sparql (= 2.0.0)
      sparql-client
      spira (= 2.0.0)
      sqlite3 (= 1.3.10)
      thin (= 1.6.0)
      uuid (= 2.3.5)

PATH
  remote: modified_gems/rdf-sesame-2.0.2
  specs:
    rdf-sesame (2.0.2)

GEM
  remote: http://rubygems.org/
  specs:
    CFPropertyList (2.2.8)
    activemodel (4.2.6)
      activesupport (= 4.2.6)
      builder (~> 3.1)
    activesupport (4.2.6)
      i18n (~> 0.7)
      json (~> 1.7, >= 1.7.7)
      minitest (~> 5.1)
      thread_safe (~> 0.3, >= 0.3.4)
      tzinfo (~> 1.1)
    addressable (2.5.1)
      public_suffix (~> 2.0, >= 2.0.2)
    amq-protocol (2.2.0)
    amqp (1.7.0)
      amq-protocol (>= 2.1.0)
      eventmachine
    bcrypt (3.1.11)
    bcrypt-ruby (3.1.5)
      bcrypt (>= 3.1.3)
    bindata (2.4.0)
    blather (1.0.0)
      activesupport (>= 2.3.11)
      eventmachine (>= 1.0.0)
      girl_friday
      niceogiri (~> 1.0)
      nokogiri (~> 1.5, >= 1.5.6)
    bluecloth (2.2.0)
    builder (3.2.0)
    climate_control (0.1.0)
    cocaine (0.5.8)
      climate_control (>= 0.0.3, < 1.0)
    concurrent-ruby (1.0.5)
    connection_pool (1.2.0)
    daemons (1.0.9)
    data_mapper (1.2.0)
      dm-aggregates (~> 1.2.0)
      dm-constraints (~> 1.2.0)
      dm-core (~> 1.2.0)
      dm-migrations (~> 1.2.0)
      dm-serializer (~> 1.2.0)
      dm-timestamps (~> 1.2.0)
      dm-transactions (~> 1.2.0)
      dm-types (~> 1.2.0)
      dm-validations (~> 1.2.0)
    data_objects (0.10.17)
      addressable (~> 2.1)
    diff-lcs (1.1.3)
    dm-aggregates (1.2.0)
      dm-core (~> 1.2.0)
    dm-constraints (1.2.0)
      dm-core (~> 1.2.0)
    dm-core (1.2.1)
      addressable (~> 2.3)
    dm-migrations (1.2.0)
      dm-core (~> 1.2.0)
    dm-serializer (1.2.2)
      dm-core (~> 1.2.0)
      fastercsv (~> 1.5)
      json (~> 1.6)
      json_pure (~> 1.6)
      multi_json (~> 1.0)
    dm-timestamps (1.2.0)
      dm-core (~> 1.2.0)
    dm-transactions (1.2.0)
      dm-core (~> 1.2.0)
    dm-types (1.2.2)
      bcrypt-ruby (~> 3.0)
      dm-core (~> 1.2.0)
      fastercsv (~> 1.5)
      json (~> 1.6)
      multi_json (~> 1.0)
      stringex (~> 1.4)
      uuidtools (~> 2.1)
    dm-validations (1.2.0)
      dm-core (~> 1.2.0)
    do_sqlite3 (0.10.17)
      data_objects (= 0.10.17)
    ebnf (1.0.1)
      rdf (~> 2.0)
      sxp (~> 1.0)
    em-minitest-spec (1.1.1)
      eventmachine
    equivalent-xml (0.2.9)
      nokogiri (>= 1.4.3)
    erector (0.8.3)
      rake
      treetop
      treetop (>= 1.2.3)
    eventmachine (1.0.3)
    facter (2.4.6)
      CFPropertyList (~> 2.2.6)
    fastercsv (1.5.5)
    girl_friday (0.11.2)
      connection_pool (~> 1.0)
      rubinius-actor
    hamster (3.0.0)
      concurrent-ruby (~> 1.0)
    hashie (3.5.5)
    i18n (0.8.1)
    json (1.7.7)
    json-jwt (1.7.1)
      activesupport
      bindata
      multi_json (>= 1.3)
      securecompare
      url_safe_base64
    json-ld (2.0.0.1)
      multi_json (~> 1.11)
      rdf (~> 2.0)
    json_pure (1.8.6)
    link_header (0.0.8)
    little-plugger (1.1.4)
    log4r (1.1.10)
    logging (2.2.2)
      little-plugger (~> 1.1)
      multi_json (~> 1.10)
    macaddr (1.7.1)
      systemu (~> 2.6.2)
    maruku (0.6.0)
      syntax (>= 1.0.0)
    minitest (5.1.0)
    multi_json (1.12.1)
    net-http-persistent (2.9.4)
    niceogiri (1.1.2)
      nokogiri (~> 1.5)
    nokogiri (1.5.6)
    omf_common (6.1.12)
      amqp
      eventmachine
      hashie
      json
      json-jwt
      logging
      oml4r (~> 2.10.1)
      uuidtools
    omf_rc (6.1.12)
      cocaine
      facter
      omf_common (= 6.1.12)
    oml4r (2.10.6)
    polyglot (0.3.5)
    promise (0.3.1)
    public_suffix (2.0.5)
    rack (1.5.2)
    rack-rpc (0.0.11)
      builder (>= 2.1.2)
      rack (>= 1.0)
    rake (11.2.2)
    rdf (2.0.0)
      hamster (~> 3.0)
      link_header (~> 0.0, >= 0.0.8)
    rdf-aggregate-repo (2.0.0)
      rdf (~> 2.0)
    rdf-do (2.0.0)
      data_objects (~> 0.10)
      rdf (~> 2.0)
    rdf-isomorphic (2.0.0)
      rdf (~> 2.0)
    rdf-json (2.0.0)
      rdf (~> 2.0)
    rdf-turtle (2.0.0)
      ebnf (~> 1.0, >= 1.0.1)
      rdf (~> 2.0)
    rdf-vocab (2.0.2)
      rdf (~> 2.0)
    rdf-xsd (2.0.0)
      rdf (~> 2.0)
    rspec (2.11.0)
      rspec-core (~> 2.11.0)
      rspec-expectations (~> 2.11.0)
      rspec-mocks (~> 2.11.0)
    rspec-core (2.11.1)
    rspec-expectations (2.11.3)
      diff-lcs (~> 1.1.3)
    rspec-mocks (2.11.3)
    rubinius-actor (0.0.2)
      rubinius-core-api
    rubinius-core-api (0.0.1)
    rufus-scheduler (3.0.9)
      tzinfo
    securecompare (1.0.0)
    sequel (4.17.0)
    sparql (2.0.0)
      builder (~> 3.2)
      ebnf (~> 1.0, >= 1.0.1)
      rdf (~> 2.0)
      rdf-aggregate-repo (~> 2.0)
      rdf-xsd (~> 2.0)
      sparql-client (~> 2.0)
      sxp (~> 1.0)
    sparql-client (2.0.1)
      net-http-persistent (~> 2.9)
      rdf (~> 2.0)
    spira (2.0.0)
      activemodel (> 4)
      activesupport (> 4)
      promise (~> 0.3.0)
      rdf (~> 2.0)
      rdf-isomorphic (~> 2.0)
    sqlite3 (1.3.10)
    stringex (1.5.1)
    sxp (1.0.0)
      rdf (~> 2.0)
    syntax (1.2.1)
    systemu (2.6.5)
    thin (1.6.0)
      daemons (>= 1.0.9)
      eventmachine (>= 1.0.0)
      rack (>= 1.5.0)
    thread_safe (0.3.6)
    treetop (1.6.8)
      polyglot (~> 0.3)
    tzinfo (1.2.3)
      thread_safe (~> 0.1)
    url_safe_base64 (0.2.2)
    uuid (2.3.5)
      macaddr (~> 1.0)
    uuidtools (2.1.5)

PLATFORMS
  ruby

DEPENDENCIES
  minitest (= 5.1)
  omf_sfa!
  rake
  rdf-sesame (= 2.0.2)!

BUNDLED WITH
   1.13.6
